PATH
  remote: .
  specs:
    f_xlsx (0.2.5)
      ffi (~> 1)

GEM
  remote: https://gems.ruby-china.com/
  specs:
    diff-lcs (1.5.0)
    ffi (1.16.3)
    rake (13.0.6)
    rspec (3.12.0)
      rspec-core (~> 3.12.0)
      rspec-expectations (~> 3.12.0)
      rspec-mocks (~> 3.12.0)
    rspec-core (3.12.2)
      rspec-support (~> 3.12.0)
    rspec-expectations (3.12.3)
      diff-lcs (>= 1.2.0, < 2.0)
      rspec-support (~> 3.12.0)
    rspec-mocks (3.12.5)
      diff-lcs (>= 1.2.0, < 2.0)
      rspec-support (~> 3.12.0)
    rspec-support (3.12.1)

PLATFORMS
  x86_64-darwin-19
  x86_64-darwin-21

DEPENDENCIES
  bundler (>= 1.0, <= 3.0)
  f_xlsx!
  rake (~> 13.0)
  rspec (~> 3.0)

BUNDLED WITH
   2.2.3
