PATH
  remote: .
  specs:
    f_xlsx (0.2.0)
      ffi (~> 1)

GEM
  remote: https://gems.ruby-china.com/
  specs:
    diff-lcs (1.5.0)
    ffi (1.15.5)
    rake (10.5.0)
    rspec (3.11.0)
      rspec-core (~> 3.11.0)
      rspec-expectations (~> 3.11.0)
      rspec-mocks (~> 3.11.0)
    rspec-core (3.11.0)
      rspec-support (~> 3.11.0)
    rspec-expectations (3.11.0)
      diff-lcs (>= 1.2.0, < 2.0)
      rspec-support (~> 3.11.0)
    rspec-mocks (3.11.1)
      diff-lcs (>= 1.2.0, < 2.0)
      rspec-support (~> 3.11.0)
    rspec-support (3.11.0)

PLATFORMS
  ruby

DEPENDENCIES
  bundler (~> 1.17)
  f_xlsx!
  rake (~> 10.0)
  rspec (~> 3.0)

BUNDLED WITH
   1.17.3
